GEM
  remote: http://rubygems.org/
  specs:
    coderay (1.0.5)
    diff-lcs (1.1.3)
    ffi (1.0.11)
    growl (1.0.3)
    guard (1.0.0)
      ffi (>= 0.5.0)
      thor (~> 0.14.6)
    guard-rspec (0.6.0)
      guard (>= 0.10.0)
    kgio (2.7.2)
    method_source (0.7.0)
    nokogiri (1.5.0)
    pry (0.9.8.1)
      coderay (~> 1.0.5)
      method_source (~> 0.7)
      slop (>= 2.4.3, < 3)
    pry-doc (0.4.0)
      pry (>= 0.9.0)
      yard (~> 0.7.4)
    rack (1.2.3)
    rack-test (0.6.1)
      rack (>= 1.0)
    raindrops (0.8.0)
    rake (0.9.2.2)
    rb-fsevent (0.4.3.1)
    rspec (2.8.0)
      rspec-core (~> 2.8.0)
      rspec-expectations (~> 2.8.0)
      rspec-mocks (~> 2.8.0)
    rspec-core (2.8.0)
    rspec-expectations (2.8.0)
      diff-lcs (~> 1.1.2)
    rspec-mocks (2.8.0)
    sinatra (1.2.8)
      rack (~> 1.1)
      tilt (>= 1.2.2, < 2.0)
    slop (2.4.3)
    thor (0.14.6)
    tilt (1.3.3)
    unicorn (4.2.0)
      kgio (~> 2.6)
      rack
      raindrops (~> 0.7)
    yard (0.7.5)

PLATFORMS
  ruby

DEPENDENCIES
  growl
  guard-rspec
  nokogiri
  pry
  pry-doc
  rack (= 1.2.3)
  rack-test
  rake
  rb-fsevent
  rspec
  sinatra
  unicorn
