GEM
  remote: http://rubygems.org/
  specs:
    cs-httpi (0.9.5.2)
      rack
    diff-lcs (1.1.3)
    fakeredis (0.2.2)
      redis (~> 2.2.0)
    json (1.6.1)
    kgio (2.7.2)
    nokogiri (1.5.0)
    rack (1.2.3)
    rack-test (0.6.1)
      rack (>= 1.0)
    raindrops (0.8.0)
    rake (0.9.2.2)
    rbraspag (0.1.1)
      cs-httpi (>= 0.9.5.2)
      json (>= 1.6.1)
      nokogiri (>= 1.4.7)
    redis (2.2.2)
    rspec (2.8.0)
      rspec-core (~> 2.8.0)
      rspec-expectations (~> 2.8.0)
      rspec-mocks (~> 2.8.0)
    rspec-core (2.8.0)
    rspec-expectations (2.8.0)
      diff-lcs (~> 1.1.2)
    rspec-mocks (2.8.0)
    settingslogic (2.0.6)
    sinatra (1.2.8)
      rack (~> 1.1)
      tilt (>= 1.2.2, < 2.0)
    tilt (1.3.3)
    unicorn (4.2.0)
      kgio (~> 2.6)
      rack
      raindrops (~> 0.7)
    yajl-ruby (1.1.0)

PLATFORMS
  ruby

DEPENDENCIES
  cs-httpi (= 0.9.5.2)
  fakeredis
  nokogiri
  rack (= 1.2.3)
  rack-test
  rake
  rbraspag
  redis
  rspec
  settingslogic (= 2.0.6)
  sinatra
  unicorn
  yajl-ruby
